GEM
  remote: https://rubygems.org/
  specs:
    classifier-reborn (2.1.0)
      fast-stemmer (~> 1.0)
    fast-stemmer (1.0.2)
    rack (1.6.5)
    rack-protection (1.5.3)
      rack
    sinatra (1.4.8)
      rack (~> 1.5)
      rack-protection (~> 1.4)
      tilt (>= 1.3, < 3)
    tilt (2.0.6)

PLATFORMS
  ruby

DEPENDENCIES
  classifier-reborn
  sinatra

BUNDLED WITH
   1.14.5
